PATH
  remote: .
  specs:
    metal_archives (0.0.1)
      faraday
      nokogiri

GEM
  remote: https://rubygems.org/
  specs:
    faraday (0.9.2)
      multipart-post (>= 1.2, < 3)
    mini_portile2 (2.0.0)
    multipart-post (2.0.0)
    nokogiri (1.6.7.2)
      mini_portile2 (~> 2.0.0.rc2)
    power_assert (0.2.6)
    rake (11.1.1)
    test-unit (3.1.5)
      power_assert

PLATFORMS
  ruby

DEPENDENCIES
  metal_archives!
  rake
  test-unit

BUNDLED WITH
   1.11.2
